PATH
  remote: .
  specs:
    nats-pure (2.3.0)

GEM
  remote: https://rubygems.org/
  specs:
    base32 (0.3.4)
    benchmark-ips (2.10.0)
    concurrent-ruby (1.1.10)
    connection_pool (2.3.0)
    diff-lcs (1.5.0)
    ed25519 (1.3.0)
    nkeys (0.1.0)
      base32 (~> 0.3)
      ed25519 (~> 1.2)
    rack (3.0.3)
    rake (13.0.6)
    redis-client (0.12.1)
      connection_pool
    rspec (3.12.0)
      rspec-core (~> 3.12.0)
      rspec-expectations (~> 3.12.0)
      rspec-mocks (~> 3.12.0)
    rspec-core (3.12.0)
      rspec-support (~> 3.12.0)
    rspec-expectations (3.12.2)
      diff-lcs (>= 1.2.0, < 2.0)
      rspec-support (~> 3.12.0)
    rspec-mocks (3.12.2)
      diff-lcs (>= 1.2.0, < 2.0)
      rspec-support (~> 3.12.0)
    rspec-support (3.12.0)
    sidekiq (7.0.3)
      concurrent-ruby (< 2)
      connection_pool (>= 2.3.0)
      rack (>= 2.2.4)
      redis-client (>= 0.11.0)

PLATFORMS
  ruby

DEPENDENCIES
  benchmark-ips
  connection_pool
  nats-pure!
  nkeys
  rake
  rspec
  sidekiq (~> 7.0)

BUNDLED WITH
   2.3.7
